PATH
  remote: .
  specs:
    jekyll-minimagick (0.0.1)
      jekyll (>= 0.10.0)
      mini_magick (>= 3.3)

GEM
  remote: http://rubygems.org/
  specs:
    classifier (1.3.3)
      fast-stemmer (>= 1.0.0)
    directory_watcher (1.4.0)
    fast-stemmer (1.0.0)
    jekyll (0.10.0)
      classifier (>= 1.3.1)
      directory_watcher (>= 1.1.1)
      liquid (>= 1.9.0)
      maruku (>= 0.5.9)
    liquid (2.2.2)
    maruku (0.6.0)
      syntax (>= 1.0.0)
    mini_magick (4.9.5)
    syntax (1.0.0)

PLATFORMS
  ruby

DEPENDENCIES
  jekyll-minimagick!
